GEM
  remote: https://rubygems.org/
  specs:
    actioncable (7.2.1)
      actionpack (= 7.2.1)
      activesupport (= 7.2.1)
      nio4r (~> 2.0)
      websocket-driver (>= 0.6.1)
      zeitwerk (~> 2.6)
    actionmailbox (7.2.1)
      actionpack (= 7.2.1)
      activejob (= 7.2.1)
      activerecord (= 7.2.1)
      activestorage (= 7.2.1)
      activesupport (= 7.2.1)
      mail (>= 2.8.0)
    actionmailer (7.2.1)
      actionpack (= 7.2.1)
      actionview (= 7.2.1)
      activejob (= 7.2.1)
      activesupport (= 7.2.1)
      mail (>= 2.8.0)
      rails-dom-testing (~> 2.2)
    actionpack (7.2.1)
      actionview (= 7.2.1)
      activesupport (= 7.2.1)
      nokogiri (>= 1.8.5)
      racc
      rack (>= 2.2.4, < 3.2)
      rack-session (>= 1.0.1)
      rack-test (>= 0.6.3)
      rails-dom-testing (~> 2.2)
      rails-html-sanitizer (~> 1.6)
      useragent (~> 0.16)
    actiontext (7.2.1)
      actionpack (= 7.2.1)
      activerecord (= 7.2.1)
      activestorage (= 7.2.1)
      activesupport (= 7.2.1)
      globalid (>= 0.6.0)
      nokogiri (>= 1.8.5)
    actionview (7.2.1)
      activesupport (= 7.2.1)
      builder (~> 3.1)
      erubi (~> 1.11)
      rails-dom-testing (~> 2.2)
      rails-html-sanitizer (~> 1.6)
    activejob (7.2.1)
      activesupport (= 7.2.1)
      globalid (>= 0.3.6)
    activemodel (7.2.1)
      activesupport (= 7.2.1)
    activerecord (7.2.1)
      activemodel (= 7.2.1)
      activesupport (= 7.2.1)
      timeout (>= 0.4.0)
    activestorage (7.2.1)
      actionpack (= 7.2.1)
      activejob (= 7.2.1)
      activerecord (= 7.2.1)
      activesupport (= 7.2.1)
      marcel (~> 1.0)
    activesupport (7.2.1)
      base64
      bigdecimal
      concurrent-ruby (~> 1.0, >= 1.3.1)
      connection_pool (>= 2.2.5)
      drb
      i18n (>= 1.6, < 2)
      logger (>= 1.4.2)
      minitest (>= 5.1)
      securerandom (>= 0.3)
      tzinfo (~> 2.0, >= 2.0.5)
    ast (2.4.2)
    base64 (0.2.0)
    bigdecimal (3.1.8)
    bindex (0.8.1)
    bootsnap (1.18.4)
      msgpack (~> 1.2)
    builder (3.3.0)
    chunky_png (1.4.0)
    concurrent-ruby (1.3.4)
    connection_pool (2.4.1)
    crass (1.0.6)
    cssbundling-rails (1.4.1)
      railties (>= 6.0.0)
    date (3.3.4)
    debug (1.9.2)
      irb (~> 1.10)
      reline (>= 0.3.8)
    diff-lcs (1.5.1)
    dotenv (3.1.2)
    dotenv-rails (3.1.2)
      dotenv (= 3.1.2)
      railties (>= 6.1)
    drb (2.2.1)
    erb-formatter (0.7.3)
      syntax_tree (~> 6.0)
    erubi (1.13.0)
    faraday (2.11.0)
      faraday-net_http (>= 2.0, < 3.4)
      logger
    faraday-net_http (3.3.0)
      net-http
    globalid (1.2.1)
      activesupport (>= 6.1)
    hashie (5.0.0)
    i18n (1.14.5)
      concurrent-ruby (~> 1.0)
    importmap-rails (2.0.1)
      actionpack (>= 6.0.0)
      activesupport (>= 6.0.0)
      railties (>= 6.0.0)
    io-console (0.7.2)
    irb (1.14.0)
      rdoc (>= 4.0.0)
      reline (>= 0.4.2)
    jbuilder (2.12.0)
      actionview (>= 5.0.0)
      activesupport (>= 5.0.0)
    json (2.7.2)
    jwt (2.8.2)
      base64
    language_server-protocol (3.17.0.3)
    logger (1.6.1)
    loofah (2.22.0)
      crass (~> 1.0.2)
      nokogiri (>= 1.12.0)
    mail (2.8.1)
      mini_mime (>= 0.1.1)
      net-imap
      net-pop
      net-smtp
    marcel (1.0.4)
    mini_mime (1.1.5)
    minitest (5.25.1)
    msgpack (1.7.2)
    multi_xml (0.7.1)
      bigdecimal (~> 3.1)
    mysql2 (0.5.6)
    net-http (0.4.1)
      uri
    net-imap (0.4.16)
      date
      net-protocol
    net-pop (0.1.2)
      net-protocol
    net-protocol (0.2.2)
      timeout
    net-smtp (0.5.0)
      net-protocol
    nio4r (2.7.3)
    nokogiri (1.16.7-aarch64-linux)
      racc (~> 1.4)
    nokogiri (1.16.7-arm64-darwin)
      racc (~> 1.4)
    nokogiri (1.16.7-x86_64-darwin)
      racc (~> 1.4)
    nokogiri (1.16.7-x86_64-linux)
      racc (~> 1.4)
    oauth2 (2.0.9)
      faraday (>= 0.17.3, < 3.0)
      jwt (>= 1.0, < 3.0)
      multi_xml (~> 0.5)
      rack (>= 1.2, < 4)
      snaky_hash (~> 2.0)
      version_gem (~> 1.1)
    omniauth (2.1.2)
      hashie (>= 3.4.6)
      rack (>= 2.2.3)
      rack-protection
    omniauth-google-oauth2 (1.1.3)
      jwt (>= 2.0)
      oauth2 (~> 2.0)
      omniauth (~> 2.0)
      omniauth-oauth2 (~> 1.8)
    omniauth-oauth2 (1.8.0)
      oauth2 (>= 1.4, < 3)
      omniauth (~> 2.0)
    parallel (1.26.3)
    parser (3.3.5.0)
      ast (~> 2.4.1)
      racc
    prettier_print (1.2.1)
    prism (1.0.0)
    psych (5.1.2)
      stringio
    puma (6.4.2)
      nio4r (~> 2.0)
    racc (1.8.1)
    rack (3.1.7)
    rack-protection (4.0.0)
      base64 (>= 0.1.0)
      rack (>= 3.0.0, < 4)
    rack-session (2.0.0)
      rack (>= 3.0.0)
    rack-test (2.1.0)
      rack (>= 1.3)
    rackup (2.1.0)
      rack (>= 3)
      webrick (~> 1.8)
    rails (7.2.1)
      actioncable (= 7.2.1)
      actionmailbox (= 7.2.1)
      actionmailer (= 7.2.1)
      actionpack (= 7.2.1)
      actiontext (= 7.2.1)
      actionview (= 7.2.1)
      activejob (= 7.2.1)
      activemodel (= 7.2.1)
      activerecord (= 7.2.1)
      activestorage (= 7.2.1)
      activesupport (= 7.2.1)
      bundler (>= 1.15.0)
      railties (= 7.2.1)
    rails-dom-testing (2.2.0)
      activesupport (>= 5.0.0)
      minitest
      nokogiri (>= 1.6)
    rails-html-sanitizer (1.6.0)
      loofah (~> 2.21)
      nokogiri (~> 1.14)
    railties (7.2.1)
      actionpack (= 7.2.1)
      activesupport (= 7.2.1)
      irb (~> 1.13)
      rackup (>= 1.0.0)
      rake (>= 12.2)
      thor (~> 1.0, >= 1.2.2)
      zeitwerk (~> 2.6)
    rainbow (3.1.1)
    rake (13.2.1)
    rbs (3.5.3)
      logger
    rdoc (6.7.0)
      psych (>= 4.0.0)
    redis (5.3.0)
      redis-client (>= 0.22.0)
    redis-client (0.22.2)
      connection_pool
    regexp_parser (2.9.2)
    reline (0.5.10)
      io-console (~> 0.5)
    rqrcode (2.2.0)
      chunky_png (~> 1.0)
      rqrcode_core (~> 1.0)
    rqrcode_core (1.2.0)
    rspec-core (3.13.1)
      rspec-support (~> 3.13.0)
    rspec-expectations (3.13.2)
      diff-lcs (>= 1.2.0, < 2.0)
      rspec-support (~> 3.13.0)
    rspec-mocks (3.13.1)
      diff-lcs (>= 1.2.0, < 2.0)
      rspec-support (~> 3.13.0)
    rspec-rails (7.0.1)
      actionpack (>= 7.0)
      activesupport (>= 7.0)
      railties (>= 7.0)
      rspec-core (~> 3.13)
      rspec-expectations (~> 3.13)
      rspec-mocks (~> 3.13)
      rspec-support (~> 3.13)
    rspec-support (3.13.1)
    rubocop (1.66.1)
      json (~> 2.3)
      language_server-protocol (>= 3.17.0)
      parallel (~> 1.10)
      parser (>= 3.3.0.2)
      rainbow (>= 2.2.2, < 4.0)
      regexp_parser (>= 2.4, < 3.0)
      rubocop-ast (>= 1.32.2, < 2.0)
      ruby-progressbar (~> 1.7)
      unicode-display_width (>= 2.4.0, < 3.0)
    rubocop-ast (1.32.3)
      parser (>= 3.3.1.0)
    ruby-lsp (0.17.17)
      language_server-protocol (~> 3.17.0)
      prism (~> 1.0)
      rbs (>= 3, < 4)
      sorbet-runtime (>= 0.5.10782)
    ruby-progressbar (1.13.0)
    securerandom (0.3.1)
    snaky_hash (2.0.1)
      hashie
      version_gem (~> 1.1, >= 1.1.1)
    sorbet (0.5.11558)
      sorbet-static (= 0.5.11558)
    sorbet-runtime (0.5.11558)
    sorbet-static (0.5.11558-aarch64-linux)
    sorbet-static (0.5.11558-universal-darwin)
    sorbet-static (0.5.11558-x86_64-linux)
    sprockets (4.2.1)
      concurrent-ruby (~> 1.0)
      rack (>= 2.2.4, < 4)
    sprockets-rails (3.5.2)
      actionpack (>= 6.1)
      activesupport (>= 6.1)
      sprockets (>= 3.0.0)
    stimulus-rails (1.3.4)
      railties (>= 6.0.0)
    stringio (3.1.1)
    syntax_tree (6.2.0)
      prettier_print (>= 1.2.0)
    thor (1.3.2)
    timeout (0.4.1)
    turbo-rails (2.0.6)
      actionpack (>= 6.0.0)
      activejob (>= 6.0.0)
      railties (>= 6.0.0)
    tzinfo (2.0.6)
      concurrent-ruby (~> 1.0)
    unicode-display_width (2.5.0)
    uri (0.13.1)
    useragent (0.16.10)
    version_gem (1.1.4)
    web-console (4.2.1)
      actionview (>= 6.0.0)
      activemodel (>= 6.0.0)
      bindex (>= 0.4.0)
      railties (>= 6.0.0)
    webrick (1.8.1)
    websocket-driver (0.7.6)
      websocket-extensions (>= 0.1.0)
    websocket-extensions (0.1.5)
    zeitwerk (2.6.18)

PLATFORMS
  aarch64-linux
  arm64-darwin
  x86_64-darwin
  x86_64-linux

DEPENDENCIES
  bootsnap
  cssbundling-rails
  debug
  dotenv-rails
  erb-formatter
  importmap-rails
  jbuilder
  mysql2
  omniauth-google-oauth2
  puma
  rails
  redis
  rqrcode
  rspec-rails
  rubocop
  ruby-lsp
  sorbet
  sorbet-runtime
  sprockets-rails
  stimulus-rails
  turbo-rails
  tzinfo-data
  web-console

BUNDLED WITH
   2.5.9
